GEM
  remote: https://rubygems.org/
  specs:
    httpclient (2.8.3)
    json (2.1.0)
    mail (2.7.1)
      mini_mime (>= 0.1.1)
    mini_mime (1.0.1)
    nationbuilder-rb (1.6.0)
      httpclient (~> 2.7)
    slack-notifier (2.3.1)

PLATFORMS
  ruby

DEPENDENCIES
  json
  mail
  nationbuilder-rb
  slack-notifier

BUNDLED WITH
   1.14.3
