GEM
  remote: https://rubygems.org/
  specs:
    httpclient (2.8.3)
    json (2.1.0)
    mail (2.6.6)
      mime-types (>= 1.16, < 4)
    mime-types (3.1)
      mime-types-data (~> 3.2015)
    mime-types-data (3.2016.0521)
    nationbuilder-rb (1.6.0)
      httpclient (~> 2.7)
    slack-notifier (2.3.1)

PLATFORMS
  ruby

DEPENDENCIES
  json
  mail
  nationbuilder-rb
  slack-notifier

BUNDLED WITH
   1.14.3
